PATH
  remote: .
  specs:
    MacControl (0.0.1)

GEM
  specs:

PLATFORMS
  ruby

DEPENDENCIES
  MacControl!
